GIT
  remote: git://github.com/datamapper/dm-mapper.git
  revision: 652deda973f0cc548aab996ee9b8c5831c0a4aa4
  specs:
    dm-mapper (0.0.0)
      abstract_type (~> 0.0.2)
      adamantium (~> 0.0.4)
      addressable (~> 2.3)
      descendants_tracker (~> 0.0.1)
      equalizer (~> 0.0.1)
      inflecto (~> 0.0.2)

GEM
  remote: http://rubygems.org/
  specs:
    abstract_type (0.0.2)
    activemodel (3.2.11)
      activesupport (= 3.2.11)
      builder (~> 3.0.0)
    activerecord (3.2.11)
      activemodel (= 3.2.11)
      activesupport (= 3.2.11)
      arel (~> 3.0.2)
      tzinfo (~> 0.3.29)
    activesupport (3.2.11)
      i18n (~> 0.6)
      multi_json (~> 1.0)
    adamantium (0.0.5)
      backports (~> 2.7.0)
      ice_nine (~> 0.6.0)
    addressable (2.3.2)
    arel (3.0.2)
    backports (2.7.1)
    builder (3.0.4)
    coderay (1.0.8)
    descendants_tracker (0.0.1)
    equalizer (0.0.3)
      adamantium (~> 0.0.5)
      backports (~> 2.7.0)
    i18n (0.6.1)
    ice_nine (0.6.0)
    inflecto (0.0.2)
    method_source (0.8.1)
    multi_json (1.5.0)
    pg (0.14.1)
    pry (0.9.11.4)
      coderay (~> 1.0.5)
      method_source (~> 0.8)
      slop (~> 3.4)
    slop (3.4.3)
    tzinfo (0.3.35)
    virtus (0.4.0)

PLATFORMS
  ruby

DEPENDENCIES
  activerecord
  dm-mapper!
  pg
  pry
  virtus
